PATH
  remote: .
  specs:
    Colorado_Music_Venues (0.1.0)

GEM
  remote: https://rubygems.org/
  specs:
    rake (12.3.2)

PLATFORMS
  ruby

DEPENDENCIES
  Colorado_Music_Venues!
  rake (~> 12.0)

BUNDLED WITH
   2.1.4
